GEM
  remote: https://rubygems.org/
  specs:
    ast (2.4.0)
    coderay (1.1.2)
    jaro_winkler (1.5.2)
    json (2.2.0)
    method_source (0.9.2)
    parallel (1.17.0)
    parser (2.6.3.0)
      ast (~> 2.4.0)
    power_assert (1.1.4)
    pry (0.12.2)
      coderay (~> 1.1.0)
      method_source (~> 0.9.0)
    rainbow (3.0.0)
    rb-readline (0.5.5)
    rubocop (0.68.1)
      jaro_winkler (~> 1.5.1)
      parallel (~> 1.10)
      parser (>= 2.5, != 2.5.1.1)
      rainbow (>= 2.2.2, < 4.0)
      ruby-progressbar (~> 1.7)
      unicode-display_width (>= 1.4.0, < 1.6)
    ruby-progressbar (1.10.0)
    test-unit (3.3.2)
      power_assert
    unicode-display_width (1.5.0)

PLATFORMS
  ruby

DEPENDENCIES
  json
  pry
  rb-readline
  rubocop
  test-unit

BUNDLED WITH
   1.17.1
